GEM
  remote: https://rubygems.org/
  remote: https://code.stripe.com/
  specs:
    builder (3.0.4)
    haml (4.0.3)
      tilt
    jwt (0.1.8)
      multi_json (>= 1.5)
    mime-types (1.25.1)
    multi_json (1.8.4)
    rack (1.5.2)
    rack-protection (1.5.0)
      rack
    rest-client (1.6.7)
      mime-types (>= 1.16)
    sass (3.2.10)
    sinatra (1.4.3)
      rack (~> 1.4)
      rack-protection (~> 1.4)
      tilt (~> 1.3, >= 1.3.4)
    stripe (1.8.8)
      multi_json (>= 1.0.4, < 2)
      rest-client (~> 1.4)
    tilt (1.4.1)
    twilio-ruby (3.11.4)
      builder (>= 2.1.2)
      jwt (>= 0.1.2)
      multi_json (>= 1.3.0)

PLATFORMS
  ruby

DEPENDENCIES
  haml
  sass
  sinatra
  stripe
  twilio-ruby
